GEM
  remote: https://rubygems.org/
  specs:
    ast (2.3.0)
    mustermann (1.0.1)
    parser (2.4.0.0)
      ast (~> 2.2)
    rack (2.0.3)
    rack-protection (2.0.0)
      rack
    sinatra (2.0.0)
      mustermann (~> 1.0)
      rack (~> 2.0)
      rack-protection (= 2.0.0)
      tilt (~> 2.0)
    solargraph (0.12.2)
      parser (~> 2.4)
      sinatra (~> 2)
      thor (~> 0.19, >= 0.19.4)
      yard (~> 0.9)
    thor (0.20.0)
    tilt (2.0.8)
    yard (0.9.9)

PLATFORMS
  x64-mingw32

DEPENDENCIES
  solargraph

BUNDLED WITH
   1.15.4
